GIT
  remote: git://github.com/hsbt/shout-bot.git
  revision: 4b73be368d567001003d9267df336edc7c878fdc
  specs:
    shout-bot (0.0.5)
      addressable

GEM
  remote: http://rubygems.org/
  specs:
    activesupport (3.0.0)
    addressable (2.2.0)
    bitly (0.5.3)
      crack (>= 0.1.4)
      httparty (>= 0.5.2)
    crack (0.1.6)
    daemons (1.1.0)
    data_mapper (1.0.0)
      dm-aggregates (= 1.0.0)
      dm-constraints (= 1.0.0)
      dm-core (= 1.0.0)
      dm-core (= 1.0.0)
      dm-migrations (= 1.0.0)
      dm-serializer (= 1.0.0)
      dm-timestamps (= 1.0.0)
      dm-transactions (= 1.0.0)
      dm-types (= 1.0.0)
      dm-validations (= 1.0.0)
    data_objects (0.10.2)
      addressable (~> 2.1)
    dm-aggregates (1.0.0)
      dm-core (~> 1.0.0)
    dm-constraints (1.0.0)
      dm-core (~> 1.0.0)
      dm-migrations (~> 1.0.0)
    dm-core (1.0.0)
      addressable (~> 2.1)
      extlib (~> 0.9.15)
    dm-do-adapter (1.0.0)
      data_objects (~> 0.10.1)
      dm-core (~> 1.0.0)
    dm-migrations (1.0.0)
      dm-core (~> 1.0.0)
    dm-postgres-adapter (1.0.0)
      dm-do-adapter (~> 1.0.0)
      do_postgres (~> 0.10.2)
    dm-serializer (1.0.0)
      dm-core (~> 1.0.0)
      fastercsv (~> 1.5.3)
      json_pure (~> 1.4.3)
    dm-sqlite-adapter (1.0.0)
      dm-do-adapter (~> 1.0.0)
      do_sqlite3 (~> 0.10.2)
    dm-timestamps (1.0.0)
      dm-core (~> 1.0.0)
    dm-transactions (1.0.0)
      dm-core (~> 1.0.0)
    dm-types (1.0.0)
      dm-core (~> 1.0.0)
      fastercsv (~> 1.5.3)
      json_pure (~> 1.4.3)
      stringex (~> 1.1.0)
      uuidtools (~> 2.1.1)
    dm-validations (1.0.0)
      dm-core (~> 1.0.0)
    do_postgres (0.10.2)
      data_objects (= 0.10.2)
    do_sqlite3 (0.10.2)
      data_objects (= 0.10.2)
    eventmachine (0.12.10)
    extlib (0.9.15)
    fastercsv (1.5.3)
    git (1.2.5)
    haml (3.0.18)
    http_router (0.3.13)
      rack (>= 1.0)
      url_mount (>= 0.2.1)
    httparty (0.5.2)
      crack (= 0.1.6)
    i18n (0.4.1)
    json_pure (1.4.6)
    mail (2.2.5)
      activesupport (>= 2.3.6)
      mime-types
      treetop (>= 1.4.5)
    mime-types (1.16)
    nokogiri (1.4.3.1)
    padrino (0.9.15)
      padrino-admin (= 0.9.15)
      padrino-core (= 0.9.15)
      padrino-gen (= 0.9.15)
      padrino-helpers (= 0.9.15)
      padrino-mailer (= 0.9.15)
    padrino-admin (0.9.15)
      padrino-core (= 0.9.15)
      padrino-gen (= 0.9.15)
      padrino-helpers (= 0.9.15)
    padrino-core (0.9.15)
      activesupport (>= 2.3.8)
      http_router (>= 0.3.13)
      sinatra (>= 1.0.0)
      thor (>= 0.13.0)
    padrino-gen (0.9.15)
      bundler (>= 1.0.0.rc.2)
      git
      padrino-core (= 0.9.15)
    padrino-helpers (0.9.15)
      i18n (>= 0.4.1)
      padrino-core (= 0.9.15)
    padrino-mailer (0.9.15)
      mail (>= 2.2.0)
      padrino-core (= 0.9.15)
    polyglot (0.3.1)
    rack (1.2.1)
    rack-flash (0.1.1)
      rack
    rack-test (0.5.4)
      rack (>= 1.0)
    rake (0.8.7)
    rr (1.0.0)
    rspec (1.3.0)
    sinatra (1.0)
      rack (>= 1.0)
    stringex (1.1.0)
    thin (1.2.7)
      daemons (>= 1.0.9)
      eventmachine (>= 0.12.6)
      rack (>= 1.0.0)
    thor (0.14.0)
    treetop (1.4.8)
      polyglot (>= 0.3.1)
    url_mount (0.2.1)
      rack
    uuidtools (2.1.1)

PLATFORMS
  ruby

DEPENDENCIES
  bitly
  crack (= 0.1.6)
  data_mapper
  dm-postgres-adapter
  dm-sqlite-adapter
  haml
  nokogiri
  padrino
  rack-flash
  rack-test
  rake
  rr
  rspec
  shout-bot!
  thin
